GEM
  remote: http://rubygems.org/
  specs:
    classifier-reborn (2.2.0)
      fast-stemmer (~> 1.0)
    fast-stemmer (1.0.2)
    mini_portile2 (2.3.0)
    nokogiri (1.8.5)
      mini_portile2 (~> 2.3.0)
    rubyXL (3.3.30)
      nokogiri (>= 1.4.4)
      rubyzip (>= 1.1.6)
    rubyzip (1.2.2)

PLATFORMS
  ruby

DEPENDENCIES
  classifier-reborn
  rubyXL

BUNDLED WITH
   1.16.0
